PATH
  remote: .
  specs:
    easy_card (1.0.0)

GEM
  remote: https://rubygems.org/
  specs:
    rake (10.4.2)

PLATFORMS
  ruby

DEPENDENCIES
  easy_card!
  rake
