PATH
  remote: .
  specs:
    easycard (1.0.0)

GEM
  remote: https://rubygems.org/
  specs:
    rake (0.9.6)

PLATFORMS
  ruby

DEPENDENCIES
  easycard!
  rake (~> 0)
