PATH
  remote: .
  specs:
    easycard (1.0.1)

GEM
  remote: https://rubygems.org/
  specs:
    minitest (5.6.1)
    rake (10.4.2)

PLATFORMS
  ruby

DEPENDENCIES
  easycard!
  minitest (~> 5.6)
  rake (~> 10.4)
